GEM
  remote: http://rubygems.org/
  specs:
    activesupport (3.0.7)
    archive-tar-minitar (0.5.2)
    awesome_print (0.4.0)
    columnize (0.3.2)
    diff-lcs (1.1.2)
    fakeweb (1.3.0)
    hpricot (0.8.4)
    i18n (0.6.0)
    linecache19 (0.5.12)
      ruby_core_source (>= 0.1.4)
    nokogiri (1.4.4)
    rockstar (0.6.0)
      activesupport (>= 1.4.2)
      hpricot (>= 0.4.86)
    rspec (2.6.0)
      rspec-core (~> 2.6.0)
      rspec-expectations (~> 2.6.0)
      rspec-mocks (~> 2.6.0)
    rspec-core (2.6.3)
    rspec-expectations (2.6.0)
      diff-lcs (~> 1.1.2)
    rspec-mocks (2.6.0)
    ruby-debug-base19 (0.11.25)
      columnize (>= 0.3.1)
      linecache19 (>= 0.5.11)
      ruby_core_source (>= 0.1.4)
    ruby-debug19 (0.11.6)
      columnize (>= 0.3.1)
      linecache19 (>= 0.5.11)
      ruby-debug-base19 (>= 0.11.19)
    ruby_core_source (0.1.5)
      archive-tar-minitar (>= 0.5.2)
    sequel (3.24.1)
    sqlite3 (1.3.3)
    vcr (1.10.0)

PLATFORMS
  ruby

DEPENDENCIES
  awesome_print
  fakeweb
  i18n
  nokogiri
  rockstar
  rspec
  ruby-debug19
  sequel
  sqlite3
  vcr
